GEM
  remote: http://rubygems.org/
  remote: http://gems.monkeydancers.com/
  specs:
    actionmailer (3.2.13)
      actionpack (= 3.2.13)
      mail (~> 2.5.3)
    actionmailer-with-request (0.4.0)
      rails (>= 3)
    actionpack (3.2.13)
      activemodel (= 3.2.13)
      activesupport (= 3.2.13)
      builder (~> 3.0.0)
      erubis (~> 2.7.0)
      journey (~> 1.0.4)
      rack (~> 1.4.5)
      rack-cache (~> 1.2)
      rack-test (~> 0.6.1)
      sprockets (~> 2.2.1)
    activemodel (3.2.13)
      activesupport (= 3.2.13)
      builder (~> 3.0.0)
    activerecord (3.2.13)
      activemodel (= 3.2.13)
      activesupport (= 3.2.13)
      arel (~> 3.0.2)
      tzinfo (~> 0.3.29)
    activerecord-import (0.2.11)
      activerecord (~> 3.0)
      activerecord (~> 3.0)
    activeresource (3.2.13)
      activemodel (= 3.2.13)
      activesupport (= 3.2.13)
    activesupport (3.2.13)
      i18n (= 0.6.1)
      multi_json (~> 1.0)
    acts-as-taggable-on (2.3.3)
      rails (~> 3.0)
    acts_as_xlsx (1.0.6)
      activerecord (>= 2.3.9)
      axlsx (>= 1.0.13)
      i18n (>= 0.4.1)
    addressable (2.3.3)
    airbrake (3.1.6)
      builder
      girl_friday
    arel (3.0.3)
    awesome_print (1.2.0)
    axlsx (1.3.6)
      htmlentities (~> 4.3.1)
      nokogiri (>= 1.4.1)
      rubyzip (>= 0.9.5)
    axlsx_rails (0.1.4)
      axlsx
      rails (>= 3.1)
    bartt-ssl_requirement (1.4.2)
    bcrypt-ruby (3.1.2)
    bitmask_attributes (0.4.0)
      activerecord (~> 3.0)
    bson (1.9.2)
    bson_ext (1.9.2)
      bson (~> 1.9.2)
    builder (3.0.4)
    cancan (1.6.10)
    capistrano (2.13.5)
      highline
      net-scp (>= 1.0.0)
      net-sftp (>= 2.0.0)
      net-ssh (>= 2.0.14)
      net-ssh-gateway (>= 1.1.0)
    capistrano-ext (1.2.1)
      capistrano (>= 1.0.0)
    capistrano-maintenance (0.0.4)
      capistrano (>= 2.0.0)
    capistrano-monkeydancers (0.0.17)
    capistrano-resque (0.1.0)
      capistrano
      resque
      resque-scheduler
    chronic (0.10.2)
    cocaine (0.4.2)
    coffee-rails (3.2.2)
      coffee-script (>= 2.2.0)
      railties (~> 3.2.0)
    coffee-script (2.2.0)
      coffee-script-source
      execjs
    coffee-script-source (1.6.3)
    comma (3.1.1)
      activesupport (>= 3.0.0)
    configatron (2.9.1)
      yamler (>= 0.1.0)
    connection_pool (1.2.0)
    daemons (1.1.9)
    devise (2.1.2)
      bcrypt-ruby (~> 3.0)
      orm_adapter (~> 0.1)
      railties (~> 3.1)
      warden (~> 1.2.1)
    devise-encryptable (0.1.1)
      devise (>= 2.1.0.rc)
    drydock (0.6.9)
    erubis (2.7.0)
    eventmachine (1.0.3)
    execjs (2.0.2)
    faker (1.2.0)
      i18n (~> 0.5)
    fakeredis (0.4.3)
      redis (~> 3.0.0)
    faraday (0.9.0)
      multipart-post (>= 1.2, < 3)
    girl_friday (0.11.2)
      connection_pool (~> 1.0)
      rubinius-actor
    god (0.13.2)
    hashie (1.2.0)
    highline (1.6.20)
    hike (1.2.3)
    hiredis (0.4.5)
    htmlentities (4.3.1)
    httpauth (0.2.0)
    httpclient (2.3.4.1)
    i18n (0.6.1)
    i18n-js (2.1.2)
      i18n
    innertube (1.1.0)
    jbuilder (1.0.0)
      activesupport (>= 3.0.0)
    journey (1.0.4)
    jquery-fileupload-rails (0.4.1)
      actionpack (>= 3.1)
      railties (>= 3.1)
    jquery-rails (2.1.4)
      railties (>= 3.0, < 5.0)
      thor (>= 0.14, < 2.0)
    json (1.7.7)
    jwt (0.1.10)
      multi_json (>= 1.5)
    koala (1.6.0.rc1)
      addressable (~> 2.2)
      faraday (~> 0.8)
      multi_json (~> 1.3)
    liquid (2.5.0)
    locale_setter (0.4.0)
    luhnacy (0.2.1)
    mail (2.5.4)
      mime-types (~> 1.16)
      treetop (~> 1.4.8)
    memoist (0.9.0)
    middleware (0.1.0)
    mime-types (1.25.1)
    mini_portile (0.5.2)
    modularity (0.6.1)
    mongo (1.9.2)
      bson (~> 1.9.2)
    mongoid (3.1.4)
      activemodel (~> 3.2)
      moped (~> 1.4)
      origin (~> 1.0)
      tzinfo (~> 0.3.22)
    moped (1.5.1)
    multi_json (1.7.2)
    multipart-post (2.0.0)
    multiset (0.4.0)
    mumboe-soap4r (1.5.8.5)
      httpclient (>= 2.1.1)
    mysql2 (0.3.12b5)
    net-scp (1.1.2)
      net-ssh (>= 2.6.5)
    net-sftp (2.1.2)
      net-ssh (>= 2.6.5)
    net-ssh (2.7.0)
    net-ssh-gateway (1.2.0)
      net-ssh (>= 2.6.5)
    nokogiri (1.6.1)
      mini_portile (~> 0.5.0)
    oauth (0.4.7)
    oauth2 (0.8.1)
      faraday (~> 0.8)
      httpauth (~> 0.1)
      jwt (~> 0.1.4)
      multi_json (~> 1.0)
      rack (~> 1.2)
    omniauth (1.1.1)
      hashie (~> 1.2)
      rack
    omniauth-facebook (1.4.1)
      omniauth-oauth2 (~> 1.1.0)
    omniauth-oauth2 (1.1.1)
      oauth2 (~> 0.8.0)
      omniauth (~> 1.0)
    origin (1.1.0)
    orm_adapter (0.5.0)
    paperclip (3.4.0)
      activemodel (>= 3.0.0)
      activerecord (>= 3.0.0)
      activesupport (>= 3.0.0)
      cocaine (~> 0.4.0)
      mime-types
    paranoia (1.2.0)
      activerecord (>= 3.0.0)
    paranoia_uniqueness_validator (0.1.0)
      activerecord (~> 3.0)
    polyamorous (0.5.0)
      activerecord (~> 3.0)
    polyglot (0.3.3)
    populator (1.0.0)
    postmark (0.9.19)
      json
      rake
    postmark-rails (0.4.1)
      actionmailer
      postmark (>= 0.9.0)
      rake
    rack (1.4.5)
    rack-cache (1.2)
      rack (>= 0.4)
    rack-protection (1.5.2)
      rack
    rack-ssl (1.3.3)
      rack
    rack-test (0.6.2)
      rack (>= 1.0)
    railroady (1.1.1)
    rails (3.2.13)
      actionmailer (= 3.2.13)
      actionpack (= 3.2.13)
      activerecord (= 3.2.13)
      activeresource (= 3.2.13)
      activesupport (= 3.2.13)
      bundler (~> 1.0)
      railties (= 3.2.13)
    railties (3.2.13)
      actionpack (= 3.2.13)
      activesupport (= 3.2.13)
      rack-ssl (~> 1.3.2)
      rake (>= 0.8.7)
      rdoc (~> 3.4)
      thor (>= 0.14.6, < 2.0)
    rake (10.1.1)
    random_data (1.6.0)
    rdoc (3.12.2)
      json (~> 1.4)
    redactor-rails-paperclip (0.4.3)
      mime-types
      orm_adapter
    redis (3.0.3)
    redis-dump (0.3.5)
      drydock (>= 0.6.9)
      redis (>= 2.0)
      uri-redis (>= 0.4.0)
      yajl-ruby (>= 0.1)
    redis-namespace (1.3.1)
      redis (~> 3.0.0)
    resque (1.23.0)
      multi_json (~> 1.0)
      redis-namespace (~> 1.0)
      sinatra (>= 0.9.2)
      vegas (~> 0.1.2)
    resque-logger (0.1.0)
      resque
    resque-scheduler (2.0.0)
      redis (>= 2.0.1)
      resque (>= 1.20.0)
      rufus-scheduler
    resque_unit (0.4.5)
      json (>= 1.4.6)
    rest-client (1.6.7)
      mime-types (>= 1.16)
    riddle (1.5.10)
    rubinius-actor (0.0.2)
      rubinius-core-api
    rubinius-core-api (0.0.1)
    rubyzip (0.9.5)
    rufus-scheduler (3.0.3)
      tzinfo
    rvm-capistrano (1.2.7)
      capistrano (>= 2.0.0)
    sass (3.2.13)
    sass-rails (3.2.6)
      railties (~> 3.2.0)
      sass (>= 3.1.10)
      tilt (~> 1.3)
    seedbank (0.2.0)
    shoulda-context (1.0.2)
    sinatra (1.4.4)
      rack (~> 1.4)
      rack-protection (~> 1.4)
      tilt (~> 1.3, >= 1.3.4)
    sprockets (2.2.2)
      hike (~> 1.2)
      multi_json (~> 1.0)
      rack (~> 1.0)
      tilt (~> 1.1, != 1.3.0)
    squeel (1.0.18)
      activerecord (~> 3.0)
      activesupport (~> 3.0)
      polyamorous (~> 0.5.0)
    swfobject-rails (1.1.1)
      rails (~> 3.2)
    thin (1.5.0)
      daemons (>= 1.0.9)
      eventmachine (>= 0.12.6)
      rack (>= 1.0.0)
    thinking-sphinx (3.0.3)
      activerecord (>= 3.1.0)
      builder (>= 2.1.2)
      innertube (>= 1.0.2)
      middleware (>= 0.1.0)
      riddle (>= 1.5.6)
    thor (0.18.1)
    tilt (1.4.1)
    time_diff (0.3.0)
      activesupport
      i18n
    timecop (0.7.1)
    timeliness (0.3.7)
    treetop (1.4.15)
      polyglot
      polyglot (>= 0.3.1)
    truncate_html (0.3.2)
    tzinfo (0.3.38)
    uglifier (2.2.1)
      execjs (>= 0.3.0)
      multi_json (~> 1.0, >= 1.0.2)
    uri-redis (0.4.2)
    validates_timeliness (3.0.14)
      timeliness (~> 0.3.6)
    vegas (0.1.11)
      rack (>= 1.0.0)
    warden (1.2.3)
      rack (>= 1.0)
    whenever (0.8.2)
      activesupport (>= 2.3.4)
      chronic (>= 0.6.3)
    will_paginate (3.0.4)
    workflow (1.0.0)
    yajl-ruby (1.2.0)
    yamler (0.1.0)
    yard (0.8.7.3)

PLATFORMS
  ruby

DEPENDENCIES
  actionmailer-with-request (= 0.4.0)
  activerecord-import (= 0.2.11)
  acts-as-taggable-on (= 2.3.3)
  acts_as_xlsx (= 1.0.6)
  addressable (= 2.3.3)
  airbrake (= 3.1.6)
  awesome_print (= 1.2.0)
  axlsx (= 1.3.6)
  axlsx_rails (= 0.1.4)
  bartt-ssl_requirement (= 1.4.2)
  bitmask_attributes (= 0.4.0)
  bson (= 1.9.2)
  bson_ext (= 1.9.2)
  cancan (= 1.6.10)
  capistrano (= 2.13.5)
  capistrano-ext (= 1.2.1)
  capistrano-maintenance (= 0.0.4)
  capistrano-monkeydancers (= 0.0.17)
  capistrano-resque (= 0.1.0)
  coffee-rails (= 3.2.2)
  comma (= 3.1.1)
  configatron (= 2.9.1)
  devise (= 2.1.2)
  devise-encryptable (= 0.1.1)
  faker
  fakeredis
  god (= 0.13.2)
  hiredis (= 0.4.5)
  i18n-js (= 2.1.2)
  jbuilder (= 1.0.0)
  jquery-fileupload-rails (= 0.4.1)
  jquery-rails (= 2.1.4)
  json (= 1.7.7)
  koala (= 1.6.0.rc1)
  liquid (= 2.5.0)
  locale_setter (= 0.4.0)
  luhnacy (= 0.2.1)
  memoist (= 0.9.0)
  modularity (= 0.6.1)
  mongo (= 1.9.2)
  mongoid (= 3.1.4)
  multi_json (= 1.7.2)
  multiset (= 0.4.0)
  mumboe-soap4r (= 1.5.8.5)
  mysql2 (= 0.3.12b5)
  oauth (= 0.4.7)
  omniauth (= 1.1.1)
  omniauth-facebook (= 1.4.1)
  paperclip (= 3.4.0)
  paranoia (~> 1.2.0)
  paranoia_uniqueness_validator (~> 0.1.0)
  populator
  postmark (= 0.9.19)
  postmark-rails (= 0.4.1)
  railroady (~> 1.1.0)
  rails (= 3.2.13)
  random_data
  redactor-rails-paperclip (= 0.4.3)
  redis (= 3.0.3)
  redis-dump (= 0.3.5)
  resque (= 1.23.0)
  resque-logger (= 0.1.0)
  resque-scheduler (= 2.0.0)
  resque_unit
  rest-client
  rubyzip (= 0.9.5)
  rvm-capistrano (= 1.2.7)
  sass-rails (~> 3.2.3)
  seedbank (= 0.2.0)
  shoulda-context (= 1.0.2)
  squeel (= 1.0.18)
  swfobject-rails (= 1.1.1)
  thin (= 1.5.0)
  thinking-sphinx (= 3.0.3)
  time_diff (= 0.3.0)
  timecop
  truncate_html (~> 0.3.2)
  uglifier (>= 1.0.3)
  validates_timeliness (= 3.0.14)
  whenever (= 0.8.2)
  will_paginate (= 3.0.4)
  workflow (= 1.0.0)
  yard
